GIT
  remote: git://github.com/sinatra/sinatra.git
  revision: f383fac12d78538fa6c343133489e23ea5c627ca
  specs:
    sinatra (1.4.0)
      rack (~> 1.3, >= 1.3.6)
      rack-protection (~> 1.2)
      tilt (~> 1.3, >= 1.3.3)

GEM
  remote: http://rubygems.org/
  specs:
    json (1.6.1)
    rack (1.4.1)
    rack-protection (1.2.0)
      rack
    tilt (1.3.3)

PLATFORMS
  ruby

DEPENDENCIES
  json
  sinatra!
