GEM
  remote: http://rubygems.org/
  specs:
    activesupport (3.2.8)
      i18n (~> 0.6)
      multi_json (~> 1.0)
    diff-lcs (1.1.3)
    factory_girl (4.1.0)
      activesupport (>= 3.0.0)
    i18n (0.6.1)
    json_pure (1.8.0)
    multi_json (1.5.0)
    rack (1.4.1)
    rack-protection (1.2.0)
      rack
    rspec (2.11.0)
      rspec-core (~> 2.11.0)
      rspec-expectations (~> 2.11.0)
      rspec-mocks (~> 2.11.0)
    rspec-core (2.11.1)
    rspec-expectations (2.11.3)
      diff-lcs (~> 1.1.3)
    rspec-mocks (2.11.3)
    sinatra (1.3.3)
      rack (~> 1.3, >= 1.3.6)
      rack-protection (~> 1.2)
      tilt (~> 1.3, >= 1.3.3)
    sinatra-partial (0.3.2)
      sinatra
    tilt (1.3.3)

PLATFORMS
  ruby

DEPENDENCIES
  factory_girl (~> 4.1.0)
  json_pure
  rspec (~> 2.11.0)
  sinatra (~> 1.3.x)
  sinatra-partial (~> 0.3.x)
